GIT
  remote: https://github.com/AlchemyCMS/alchemy-devise.git
  revision: 4e98d04fb9fea91cda5194e7135186fab9c8b788
  branch: 2.1-stable
  specs:
    alchemy-devise (2.1.0)
      alchemy_cms (~> 3.1.0)
      devise (~> 3.4)

GIT
  remote: https://github.com/AlchemyCMS/alchemy_cms.git
  revision: 19e05546e94e692e379657778308ae42bb808d00
  branch: 3.1-stable
  specs:
    alchemy_cms (3.1.3)
      actionpack-page_caching (~> 1.0.0)
      active_model_serializers (>= 0.8.1, < 0.9.1)
      acts-as-taggable-on (~> 3.1)
      acts_as_list (~> 0.3)
      awesome_nested_set (~> 3.0.0)
      cancancan (~> 1.9, < 1.13.0)
      coffee-rails (~> 4.0)
      compass-rails (~> 1.1)
      dragonfly (~> 1.0.1)
      jquery-rails (~> 3.1.0)
      jquery-ui-rails (~> 5.0.0)
      kaminari (~> 0.15)
      magiclabs-userstamp (~> 2.1.0)
      non-stupid-digest-assets (~> 1.0.3, < 1.0.7)
      rails (>= 4.0, < 4.2)
      request_store (~> 1.1.0)
      sass-rails (~> 4.0)
      sassy-buttons (~> 0.2.6)
      select2-rails (>= 3.5.9.1, < 4.0)
      simple_form (~> 3.0)
      spinner.rb
      turbolinks (~> 2.5)
      tvdeyen-handles_sortable_columns (~> 0.1.5)

GEM
  remote: https://rubygems.org/
  specs:
    actionmailer (4.1.10)
      actionpack (= 4.1.10)
      actionview (= 4.1.10)
      mail (~> 2.5, >= 2.5.4)
    actionpack (4.1.10)
      actionview (= 4.1.10)
      activesupport (= 4.1.10)
      rack (~> 1.5.2)
      rack-test (~> 0.6.2)
    actionpack-page_caching (1.0.2)
      actionpack (>= 4.0.0, < 5)
    actionview (4.1.10)
      activesupport (= 4.1.10)
      builder (~> 3.1)
      erubis (~> 2.7.0)
    active_model_serializers (0.9.0)
      activemodel (>= 3.2)
    activemodel (4.1.10)
      activesupport (= 4.1.10)
      builder (~> 3.1)
    activerecord (4.1.10)
      activemodel (= 4.1.10)
      activesupport (= 4.1.10)
      arel (~> 5.0.0)
    activesupport (4.1.10)
      i18n (~> 0.6, >= 0.6.9)
      json (~> 1.7, >= 1.7.7)
      minitest (~> 5.1)
      thread_safe (~> 0.1)
      tzinfo (~> 1.1)
    acts-as-taggable-on (3.5.0)
      activerecord (>= 3.2, < 5)
    acts_as_list (0.9.19)
      activerecord (>= 3.0)
    addressable (2.8.1)
      public_suffix (>= 2.0.2, < 6.0)
    arel (5.0.1.20140414130214)
    awesome_nested_set (3.0.3)
      activerecord (>= 4.0.0, < 5)
    bcrypt (3.1.18)
    builder (3.2.2)
    cancancan (1.12.0)
    capistrano (2.15.5)
      highline
      net-scp (>= 1.0.0)
      net-sftp (>= 2.0.0)
      net-ssh (>= 2.0.14)
      net-ssh-gateway (>= 1.1.0)
    chunky_png (1.4.0)
    coffee-rails (4.2.2)
      coffee-script (>= 2.2.0)
      railties (>= 4.0.0)
    coffee-script (2.4.1)
      coffee-script-source
      execjs
    coffee-script-source (1.12.2)
    compass (0.12.7)
      chunky_png (~> 1.2)
      fssm (>= 0.2.7)
      sass (~> 3.2.19)
    compass-rails (1.1.7)
      compass (>= 0.12.2)
      sprockets (<= 2.11.0)
    devise (3.5.10)
      bcrypt (~> 3.0)
      orm_adapter (~> 0.1)
      railties (>= 3.2.6, < 5)
      responders
      thread_safe (~> 0.1)
      warden (~> 1.2.3)
    dragonfly (1.0.12)
      addressable (~> 2.3)
      multi_json (~> 1.0)
      rack (>= 1.3.0)
    erubis (2.7.0)
    execjs (2.4.0)
    fssm (0.2.10)
    highline (1.7.1)
    hike (1.2.3)
    i18n (0.7.0)
    jbuilder (2.2.12)
      activesupport (>= 3.0.0, < 5)
      multi_json (~> 1.2)
    jquery-rails (3.1.5)
      railties (>= 3.0, < 5.0)
      thor (>= 0.14, < 2.0)
    jquery-ui-rails (5.0.5)
      railties (>= 3.2.16)
    json (1.8.2)
    kaminari (0.17.0)
      actionpack (>= 3.0.0)
      activesupport (>= 3.0.0)
    magiclabs-userstamp (2.1.0)
    mail (2.6.3)
      mime-types (>= 1.16, < 3)
    mime-types (2.4.3)
    minitest (5.5.1)
    multi_json (1.11.0)
    net-scp (1.2.1)
      net-ssh (>= 2.6.5)
    net-sftp (2.1.2)
      net-ssh (>= 2.6.5)
    net-ssh (2.9.2)
    net-ssh-gateway (1.2.0)
      net-ssh (>= 2.6.5)
    non-stupid-digest-assets (1.0.6)
      sprockets (>= 2.0)
    orm_adapter (0.5.0)
    pg (0.18.1)
    public_suffix (5.0.0)
    rack (1.5.2)
    rack-test (0.6.3)
      rack (>= 1.0)
    rails (4.1.10)
      actionmailer (= 4.1.10)
      actionpack (= 4.1.10)
      actionview (= 4.1.10)
      activemodel (= 4.1.10)
      activerecord (= 4.1.10)
      activesupport (= 4.1.10)
      bundler (>= 1.3.0, < 2.0)
      railties (= 4.1.10)
      sprockets-rails (~> 2.0)
    railties (4.1.10)
      actionpack (= 4.1.10)
      activesupport (= 4.1.10)
      rake (>= 0.8.7)
      thor (>= 0.18.1, < 2.0)
    rake (10.4.2)
    rdoc (4.2.0)
      json (~> 1.4)
    request_store (1.1.0)
    responders (1.1.2)
      railties (>= 3.2, < 4.2)
    sass (3.2.19)
    sass-rails (4.0.4)
      railties (>= 4.0.0, < 5.0)
      sass (~> 3.2.2)
      sprockets (~> 2.8, < 2.12)
      sprockets-rails (~> 2.0)
    sassy-buttons (0.2.6)
      compass (>= 0.12.2)
    sdoc (0.4.1)
      json (~> 1.7, >= 1.7.7)
      rdoc (~> 4.0)
    select2-rails (3.5.11)
    simple_form (3.5.1)
      actionpack (> 4, < 5.2)
      activemodel (> 4, < 5.2)
    spinner.rb (0.3.0)
    spring (1.3.3)
    sprockets (2.11.0)
      hike (~> 1.2)
      multi_json (~> 1.0)
      rack (~> 1.0)
      tilt (~> 1.1, != 1.3.0)
    sprockets-rails (2.2.4)
      actionpack (>= 3.0)
      activesupport (>= 3.0)
      sprockets (>= 2.8, < 4.0)
    thor (0.19.1)
    thread_safe (0.3.5)
    tilt (1.4.1)
    turbolinks (2.5.4)
      coffee-rails
    tvdeyen-handles_sortable_columns (0.1.5)
    tzinfo (1.2.2)
      thread_safe (~> 0.1)
    uglifier (2.7.1)
      execjs (>= 0.3.0)
      json (>= 1.8.0)
    warden (1.2.7)
      rack (>= 1.0)

PLATFORMS
  ruby

DEPENDENCIES
  alchemy-devise!
  alchemy_cms!
  capistrano (~> 2.15.5)
  jbuilder (~> 2.0)
  pg
  rails (= 4.1.10)
  sass-rails (~> 4.0.3)
  sdoc (~> 0.4.0)
  spring
  uglifier (>= 1.3.0)
